GEM
  remote: http://rubygems.org/
  specs:
    celluloid (0.12.0)
      timers (>= 1.0.0)
    celluloid-io (0.12.0)
      celluloid (~> 0.12.0)
      nio4r (>= 0.4.0)
    certified (0.1.1)
    columnize (0.3.6)
    debugger (1.2.0)
      columnize (>= 0.3.1)
      debugger-linecache (~> 1.1.1)
      debugger-ruby_core_source (~> 1.1.3)
    debugger-linecache (1.1.2)
      debugger-ruby_core_source (>= 1.1.1)
    debugger-ruby_core_source (1.1.3)
    http (0.3.0)
      certified
      http_parser.rb
    http_parser.rb (0.5.3-x86-mingw32)
    http_router (0.11.0)
      rack (>= 1.0.0)
      url_mount (~> 0.2.1)
    log4r (1.1.10)
    nio4r (0.4.0)
    octarine (0.0.3)
      http_router
    rack (1.4.1)
    reel (0.2.0)
      celluloid-io (>= 0.8.0)
      http (>= 0.2.0)
      http_parser.rb (>= 0.5.3)
      rack (>= 1.4.0)
      websocket_parser (>= 0.1.0)
    timers (1.0.1)
    url_mount (0.2.1)
      rack
    websocket_parser (0.1.0)
      http

PLATFORMS
  x86-mingw32

DEPENDENCIES
  debugger
  log4r
  octarine
  reel
