GEM
  remote: http://rubygems.org/
  specs:
    celluloid (0.12.0)
      timers (>= 1.0.0)
    log4r (1.1.10)
    timers (1.0.1)

PLATFORMS
  ruby
  x86-mingw32

DEPENDENCIES
  celluloid
  log4r
